GEM
  remote: https://rubygems.org/
  specs:
    coderay (1.1.2)
    csv (3.1.1)
    method_source (0.9.2)
    pry (0.12.2)
      coderay (~> 1.1.0)
      method_source (~> 0.9.0)
    sqlite3 (1.4.1)

PLATFORMS
  ruby

DEPENDENCIES
  csv
  pry
  sqlite3

BUNDLED WITH
   2.0.1
